GEM
  remote: https://rubygems.org/
  specs:
    smarter_csv (1.2.8)

PLATFORMS
  x86_64-linux

DEPENDENCIES
  smarter_csv

BUNDLED WITH
   2.2.24
